GEM
  remote: https://rubygems.org/
  specs:
    httparty (0.13.5)
      json (~> 1.8)
      multi_xml (>= 0.5.2)
    json (1.8.3)
    license_finder (2.0.4)
      bundler
      httparty
      thor
      xml-simple
    multi_xml (0.5.5)
    thor (0.19.1)
    xml-simple (1.1.5)

PLATFORMS
  ruby

DEPENDENCIES
  license_finder

BUNDLED WITH
   1.10.5
